GEM
  remote: http://rubygems.org/
  specs:
    rack (1.4.1)
    rack-protection (1.2.0)
      rack
    ruby_parser (3.0.4)
      sexp_processor (~> 4.1)
    sexp_processor (4.1.2)
    sinatra (1.3.3)
      rack (~> 1.3, >= 1.3.6)
      rack-protection (~> 1.2)
      tilt (~> 1.3, >= 1.3.3)
    tilt (1.3.3)

PLATFORMS
  ruby

DEPENDENCIES
  ruby_parser
  sinatra
